PATH
  remote: .
  specs:
    mwisd_fp (3.1.2)

GEM
  remote: https://rubygems.org/
  specs:
    diff-lcs (1.1.3)
    rake (0.8.7)
    rake-compiler (0.7.9)
      rake
    rspec (2.7.0)
      rspec-core (~> 2.7.0)
      rspec-expectations (~> 2.7.0)
      rspec-mocks (~> 2.7.0)
    rspec-core (2.7.1)
    rspec-expectations (2.7.0)
      diff-lcs (~> 1.1.2)
    rspec-mocks (2.7.0)

PLATFORMS
  ruby

DEPENDENCIES
  mwisd_fp!
  rake-compiler
  rspec (~> 2.0)
